GIT
  remote: https://github.com/sikachu/verification.git
  revision: 76eaf51b13276ecae54bd9cd115832595d2ff56d
  specs:
    verification (1.0.3)
      actionpack (>= 3.0.0, < 5.0)
      activesupport (>= 3.0.0, < 5.0)

GEM
  remote: https://rubygems.org/
  specs:
    ace-rails-ap (4.0.2)
    actionmailer (3.2.22.5)
      actionpack (= 3.2.22.5)
      mail (~> 2.5.4)
    actionpack (3.2.22.5)
      activemodel (= 3.2.22.5)
      activesupport (= 3.2.22.5)
      builder (~> 3.0.0)
      erubis (~> 2.7.0)
      journey (~> 1.0.4)
      rack (~> 1.4.5)
      rack-cache (~> 1.2)
      rack-test (~> 0.6.1)
      sprockets (~> 2.2.1)
    activemodel (3.2.22.5)
      activesupport (= 3.2.22.5)
      builder (~> 3.0.0)
    activerecord (3.2.22.5)
      activemodel (= 3.2.22.5)
      activesupport (= 3.2.22.5)
      arel (~> 3.0.2)
      tzinfo (~> 0.3.29)
    activeresource (3.2.22.5)
      activemodel (= 3.2.22.5)
      activesupport (= 3.2.22.5)
    activesupport (3.2.22.5)
      i18n (~> 0.6, >= 0.6.4)
      multi_json (~> 1.0)
    arel (3.0.3)
    autoprefixer-rails (6.0.3)
      execjs
      json
    best_in_place (3.0.3)
      actionpack (>= 3.2)
      railties (>= 3.2)
    bootstrap-sass (3.2.0.2)
      sass (~> 3.2)
    bootstrap-switch-rails (3.3.3)
    bootstrap-toggle-rails (2.2.1.0)
    builder (3.0.4)
    coffee-rails (3.2.2)
      coffee-script (>= 2.2.0)
      railties (~> 3.2.0)
    coffee-script (2.3.0)
      coffee-script-source
      execjs
    coffee-script-source (1.9.0)
    diff-lcs (1.2.5)
    dynamic_form (1.1.4)
    erubis (2.7.0)
    execjs (2.3.0)
    haml (4.0.6)
      tilt
    haml-rails (0.4)
      actionpack (>= 3.1, < 4.1)
      activesupport (>= 3.1, < 4.1)
      haml (>= 3.1, < 4.1)
      railties (>= 3.1, < 4.1)
    hike (1.2.3)
    i18n (0.7.0)
    in_place_editing (1.2.0)
    journey (1.0.4)
    jquery-countdown-rails (2.0.2)
    jquery-rails (3.1.2)
      railties (>= 3.0, < 5.0)
      thor (>= 0.14, < 2.0)
    jquery-tablesorter (1.13.4)
      railties (>= 3.1, < 5)
    jquery-timepicker-addon-rails (1.4.1)
      railties (>= 3.1)
    jquery-ui-rails (4.0.3)
      jquery-rails
      railties (>= 3.1.0)
    jquery-ui-sass-rails (4.0.3.0)
      jquery-rails
      jquery-ui-rails (= 4.0.3)
      railties (>= 3.1.0)
    json (1.8.3)
    mail (2.5.4)
      mime-types (~> 1.16)
      treetop (~> 1.4.8)
    mime-types (1.25.1)
    momentjs-rails (2.11.1)
      railties (>= 3.1)
    multi_json (1.12.1)
    mysql2 (0.3.20)
    polyglot (0.3.5)
    power_assert (0.2.2)
    prototype-rails (3.2.1)
      rails (~> 3.2)
    rack (1.4.7)
    rack-cache (1.6.1)
      rack (>= 0.4)
    rack-ssl (1.3.4)
      rack
    rack-test (0.6.3)
      rack (>= 1.0)
    rails (3.2.22.5)
      actionmailer (= 3.2.22.5)
      actionpack (= 3.2.22.5)
      activerecord (= 3.2.22.5)
      activeresource (= 3.2.22.5)
      activesupport (= 3.2.22.5)
      bundler (~> 1.0)
      railties (= 3.2.22.5)
    rails_bootstrap_sortable (2.0.0)
      momentjs-rails (~> 2, >= 2.8.3)
    railties (3.2.22.5)
      actionpack (= 3.2.22.5)
      activesupport (= 3.2.22.5)
      rack-ssl (~> 1.3.2)
      rake (>= 0.8.7)
      rdoc (~> 3.4)
      thor (>= 0.14.6, < 2.0)
    rake (11.2.2)
    rdiscount (2.1.8)
    rdoc (3.12.2)
      json (~> 1.4)
    rouge (1.8.0)
    rspec-collection_matchers (1.1.2)
      rspec-expectations (>= 2.99.0.beta1)
    rspec-core (2.99.2)
    rspec-expectations (2.99.2)
      diff-lcs (>= 1.1.3, < 2.0)
    rspec-mocks (2.99.3)
    rspec-rails (2.99.0)
      actionpack (>= 3.0)
      activemodel (>= 3.0)
      activesupport (>= 3.0)
      railties (>= 3.0)
      rspec-collection_matchers
      rspec-core (~> 2.99.0)
      rspec-expectations (~> 2.99.0)
      rspec-mocks (~> 2.99.0)
    sass (3.4.11)
    sass-rails (3.2.6)
      railties (~> 3.2.0)
      sass (>= 3.1.10)
      tilt (~> 1.3)
    select2-rails (4.0.1)
      thor (~> 0.14)
    sprockets (2.2.3)
      hike (~> 1.2)
      multi_json (~> 1.0)
      rack (~> 1.0)
      tilt (~> 1.1, != 1.3.0)
    test-unit (3.0.9)
      power_assert
    thor (0.19.1)
    tilt (1.4.1)
    treetop (1.4.15)
      polyglot
      polyglot (>= 0.3.1)
    tzinfo (0.3.51)
    uglifier (2.7.0)
      execjs (>= 0.3.0)
      json (>= 1.8.0)
    will_paginate (3.0.7)

PLATFORMS
  ruby

DEPENDENCIES
  ace-rails-ap
  autoprefixer-rails
  best_in_place (~> 3.0.1)
  bootstrap-sass (~> 3.2.0)
  bootstrap-switch-rails
  bootstrap-toggle-rails
  coffee-rails (~> 3.2.2)
  dynamic_form
  haml
  haml-rails
  in_place_editing
  jquery-countdown-rails
  jquery-rails
  jquery-tablesorter
  jquery-timepicker-addon-rails
  jquery-ui-sass-rails
  mail
  momentjs-rails
  mysql2
  prototype-rails
  rails (~> 3.2)
  rails_bootstrap_sortable
  rdiscount
  rouge
  rspec-rails (~> 2.99.0)
  sass-rails (~> 3.2.6)
  select2-rails
  test-unit
  uglifier
  verification!
  will_paginate (~> 3.0.7)

BUNDLED WITH
   1.12.5
